GEM
  remote: https://rubygems.org/
  specs:
    pg (0.15.1)
    rack (1.5.2)
    rack-protection (1.5.0)
      rack
    sinatra (1.4.2)
      rack (~> 1.5, >= 1.5.2)
      rack-protection (~> 1.4)
      tilt (~> 1.3, >= 1.3.4)
    sinatra-partial (0.4.0)
      sinatra
    slim (1.3.8)
      temple (~> 0.6.3)
      tilt (~> 1.3.3)
    temple (0.6.4)
    tilt (1.3.7)

PLATFORMS
  ruby

DEPENDENCIES
  pg (~> 0.15)
  sinatra (~> 1.4.2)
  sinatra-partial (~> 0.3)
  slim (~> 1.3.8)
